GIT
  remote: git@github.com:aceofspades/MotionModel.git
  revision: 30e73723f3f7c1b4b6869a3dbe695973967e32c8
  branch: sql
  specs:
    motion_model (0.4.1)
      bubble-wrap (~> 1.1.4)
      motion-support (>= 0.1.0)

GIT
  remote: https://github.com/HipByte/motion-cocoapods.git
  revision: 40da0705f878b8c6c2cdd917733d70dbadf7d728
  tag: 1.2.1
  specs:
    motion-cocoapods (1.2.1)
      cocoapods (>= 0.14.0)

GEM
  remote: https://rubygems.org/
  specs:
    activesupport (3.2.13)
      i18n (= 0.6.1)
      multi_json (~> 1.0)
    addressable (2.3.4)
    bubble-wrap (1.1.5)
    cocoapods (0.16.4)
      activesupport (~> 3.2.6)
      colored (~> 1.2)
      escape (~> 0.0.4)
      faraday (~> 0.8.1)
      json (~> 1.7.3)
      octokit (~> 1.7)
      open4 (~> 1.3.0)
      rake (~> 10.0.0)
      xcodeproj (~> 0.5.0)
    colored (1.2)
    colorize (0.5.8)
    escape (0.0.4)
    faraday (0.8.7)
      multipart-post (~> 1.1)
    faraday_middleware (0.9.0)
      faraday (>= 0.7.4, < 0.9)
    hashie (2.0.4)
    i18n (0.6.1)
    ib (0.2.10)
      thor (>= 0.15.4)
      xcodeproj (>= 0.4.1)
    json (1.7.7)
    motion-colorize (1.0)
      colorize (~> 0.5.8)
    motion-support (0.1.0)
      bubble-wrap
    motion_support (0.0.6)
      bubble-wrap
    multi_json (1.7.2)
    multipart-post (1.2.0)
    netrc (0.7.7)
    octokit (1.24.0)
      addressable (~> 2.2)
      faraday (~> 0.8)
      faraday_middleware (~> 0.9)
      hashie (~> 2.0)
      multi_json (~> 1.3)
      netrc (~> 0.7.7)
    open4 (1.3.0)
    rake (10.0.4)
    sugarcube (0.20.13)
    thor (0.18.1)
    xcodeproj (0.5.5)
      activesupport (~> 3.2.13)
      colored (~> 1.2)

PLATFORMS
  ruby

DEPENDENCIES
  bubble-wrap
  cocoapods (= 0.16.4)
  ib
  motion-cocoapods!
  motion-colorize
  motion_model!
  motion_support
  rake
  sugarcube
