PATH
  remote: ~/projects/motion-sync-model
  specs:
    motion-sync-model (0.1.0)
      bubble-wrap
      motion-cocoapods
      motion_support
      nano-store (= 0.6.3)
      rake
      sugarcube

GEM
  remote: https://rubygems.org/
  specs:
    activesupport (3.2.15)
      i18n (~> 0.6, >= 0.6.4)
      multi_json (~> 1.0)
    bubble-wrap (1.4.0)
    claide (0.3.2)
    cocoapods (0.27.1)
      activesupport (>= 3.2.15, < 4)
      claide (~> 0.3.2)
      cocoapods-core (= 0.27.1)
      cocoapods-downloader (~> 0.2.0)
      colored (~> 1.2)
      escape (~> 0.0.4)
      json_pure (~> 1.8)
      open4 (~> 1.3)
      xcodeproj (~> 0.14.0)
    cocoapods-core (0.27.1)
      activesupport (>= 3.2.15, < 4)
      json_pure (~> 1.8)
      nap (~> 0.5)
    cocoapods-downloader (0.2.0)
    colored (1.2)
    escape (0.0.4)
    i18n (0.6.5)
    ib (0.4.2)
      thor (>= 0.15.4)
      tilt (>= 1.4.1)
      xcodeproj (>= 0.11.1)
    json_pure (1.8.1)
    motion-cocoapods (1.4.0)
      cocoapods (>= 0.26.2)
    motion-require (0.0.7)
    motion-support (0.2.5)
      motion-require (>= 0.0.6)
    motion_support (0.0.6)
      bubble-wrap
    multi_json (1.8.2)
    nano-store (0.6.3)
      motion-cocoapods (>= 1.2.1)
    nap (0.5.1)
    open4 (1.3.0)
    rake (10.1.0)
    sugarcube (1.3.5)
    thor (0.18.1)
    tilt (1.4.1)
    xcodeproj (0.14.1)
      activesupport (~> 3.0)
      colored (~> 1.2)
      rake

PLATFORMS
  ruby

DEPENDENCIES
  bubble-wrap
  ib
  motion-cocoapods
  motion-support
  motion-sync-model!
  nano-store
  rake
  sugarcube
