GIT
  remote: git@github.com:aceofspades/MotionModel.git
  revision: ec3e9741cc311af62c1e24e0da56a6699b142efb
  branch: sqlite
  specs:
    motion_model (0.4.0)
      bubble-wrap (~> 1.1.4)

GEM
  remote: https://rubygems.org/
  specs:
    activesupport (3.2.12)
      i18n (~> 0.6)
      multi_json (~> 1.0)
    addressable (2.3.3)
    bubble-wrap (1.1.5)
    cocoapods (0.16.4)
      activesupport (~> 3.2.6)
      colored (~> 1.2)
      escape (~> 0.0.4)
      faraday (~> 0.8.1)
      json (~> 1.7.3)
      octokit (~> 1.7)
      open4 (~> 1.3.0)
      rake (~> 10.0.0)
      xcodeproj (~> 0.5.0)
    coderay (1.0.9)
    colored (1.2)
    escape (0.0.4)
    faraday (0.8.6)
      multipart-post (~> 1.1)
    faraday_middleware (0.9.0)
      faraday (>= 0.7.4, < 0.9)
    guard (1.6.2)
      listen (>= 0.6.0)
      lumberjack (>= 1.0.2)
      pry (>= 0.9.10)
      terminal-table (>= 1.4.3)
      thor (>= 0.14.6)
    guard-test (0.7.0)
      guard (>= 1.1)
      test-unit (~> 2.2)
    hashie (1.2.0)
    i18n (0.6.2)
    ib (0.2.7)
      thor (>= 0.15.4)
      xcodeproj (>= 0.4.1)
    json (1.7.7)
    listen (0.7.3)
    lumberjack (1.0.2)
    method_source (0.8.1)
    motion-cocoapods (1.2.1)
      cocoapods (>= 0.14.0)
    motion-redgreen (0.1.0)
    multi_json (1.6.1)
    multipart-post (1.2.0)
    netrc (0.7.7)
    octokit (1.23.0)
      addressable (~> 2.2)
      faraday (~> 0.8)
      faraday_middleware (~> 0.9)
      hashie (~> 1.2)
      multi_json (~> 1.3)
      netrc (~> 0.7.7)
    open4 (1.3.0)
    pry (0.9.12)
      coderay (~> 1.0.5)
      method_source (~> 0.8)
      slop (~> 3.4)
    rake (10.0.3)
    rb-fsevent (0.9.3)
    slop (3.4.4)
    sugarcube (0.19.0)
    terminal-table (1.4.5)
    test-unit (2.5.4)
    thor (0.17.0)
    xcodeproj (0.5.0)
      activesupport (~> 3.2.6)
      colored (~> 1.2)

PLATFORMS
  ruby

DEPENDENCIES
  bubble-wrap
  guard
  guard-test
  ib
  motion-cocoapods
  motion-redgreen
  motion_model!
  rake
  rb-fsevent (~> 0.9)
  sugarcube
